GIT
  remote: git://github.com/ernie/squeel.git
  revision: aa5edfdc352887fac2e365d13cf6ffe16e7487e4
  specs:
    squeel (0.8.5)
      activerecord (~> 3.0)
      activesupport (~> 3.0)

GIT
  remote: git://github.com/jnicklas/capybara.git
  revision: f6c787e13ad266be15fa0ebe161f331cdcbafd31
  specs:
    capybara (1.0.0)
      mime-types (>= 1.16)
      nokogiri (>= 1.3.3)
      rack (>= 1.0.0)
      rack-test (>= 0.5.4)
      selenium-webdriver (~> 0.2.2)
      xpath (~> 0.1.4)

GIT
  remote: git://github.com/rspec/rspec-core.git
  revision: 751a65ad526b0059b9c617f49d9a56dffb361d20
  specs:
    rspec-core (2.6.4)

GIT
  remote: git://github.com/rspec/rspec-expectations.git
  revision: 084c6b1b430c2523d88e19ca0e8e980f8da92235
  specs:
    rspec-expectations (2.6.0)
      diff-lcs (~> 1.1.2)

GIT
  remote: git://github.com/rspec/rspec-mocks.git
  revision: 153d051be3b1e1b45b2d9ab4840896ab7936a5ec
  specs:
    rspec-mocks (2.6.0)

GIT
  remote: git://github.com/rspec/rspec-rails.git
  revision: 097cf620178e69c90108b84e12ab92ca7fe77bd3
  specs:
    rspec-rails (2.6.1)
      actionpack (~> 3.0)
      activesupport (~> 3.0)
      railties (~> 3.0)
      rspec (~> 2.6.0)

GIT
  remote: git://github.com/rspec/rspec.git
  revision: a10752bd8120f61e6ba7501138a726bca0ba75e4
  specs:
    rspec (2.6.0)
      rspec-core (~> 2.6.0)
      rspec-expectations (~> 2.6.0)
      rspec-mocks (~> 2.6.0)

GIT
  remote: git://github.com/timcharper/spork.git
  revision: 40c59628ab17503273c1a8564683fa9fb60a1a03
  specs:
    spork (0.9.0.rc8)

GEM
  remote: http://rubygems.org/
  specs:
    actionmailer (3.1.0.rc4)
      actionpack (= 3.1.0.rc4)
      mail (~> 2.3.0)
    actionpack (3.1.0.rc4)
      activemodel (= 3.1.0.rc4)
      activesupport (= 3.1.0.rc4)
      builder (~> 3.0.0)
      erubis (~> 2.7.0)
      i18n (~> 0.6)
      rack (~> 1.3.0)
      rack-cache (~> 1.0.1)
      rack-mount (~> 0.8.1)
      rack-test (~> 0.6.0)
      sprockets (~> 2.0.0.beta.10)
      tzinfo (~> 0.3.27)
    activemodel (3.1.0.rc4)
      activesupport (= 3.1.0.rc4)
      bcrypt-ruby (~> 2.1.4)
      builder (~> 3.0.0)
      i18n (~> 0.6)
    activerecord (3.1.0.rc4)
      activemodel (= 3.1.0.rc4)
      activesupport (= 3.1.0.rc4)
      arel (~> 2.1.1)
      tzinfo (~> 0.3.27)
    activeresource (3.1.0.rc4)
      activemodel (= 3.1.0.rc4)
      activesupport (= 3.1.0.rc4)
    activesupport (3.1.0.rc4)
      multi_json (~> 1.0)
    ansi (1.2.5)
    archive-tar-minitar (0.5.2)
    arel (2.1.3)
    bcrypt-ruby (2.1.4)
    builder (3.0.0)
    carrierwave (0.5.4)
      activesupport (~> 3.0)
    childprocess (0.1.9)
      ffi (~> 1.0.6)
    coffee-script (2.2.0)
      coffee-script-source
      execjs
    coffee-script-source (1.1.1)
    columnize (0.3.3)
    configuration (1.3.1)
    database_cleaner (0.6.7)
    devise (1.4.0)
      bcrypt-ruby (~> 2.1.2)
      orm_adapter (~> 0.0.3)
      warden (~> 1.0.3)
    diff-lcs (1.1.2)
    erubis (2.7.0)
    excon (0.6.3)
    execjs (1.2.0)
      multi_json (~> 1.0)
    factory_girl (1.3.3)
    factory_girl_rails (1.0.1)
      factory_girl (~> 1.3)
      railties (>= 3.0.0)
    ffi (1.0.9)
    fog (0.9.0)
      builder
      excon (~> 0.6.1)
      formatador (>= 0.1.3)
      json
      mime-types
      net-scp (>= 1.0.4)
      net-ssh (>= 2.1.4)
      nokogiri (>= 1.4.4)
      ruby-hmac
    formatador (0.1.4)
    haml (3.1.2)
    haml-rails (0.3.4)
      actionpack (~> 3.0)
      activesupport (~> 3.0)
      haml (~> 3.0)
      railties (~> 3.0)
    hike (1.1.0)
    i18n (0.6.0)
    jquery-rails (1.0.12)
      railties (~> 3.0)
      thor (~> 0.14)
    json (1.5.3)
    json_pure (1.5.3)
    launchy (0.4.0)
      configuration (>= 0.0.5)
      rake (>= 0.8.1)
    linecache19 (0.5.12)
      ruby_core_source (>= 0.1.4)
    macaddr (1.0.0)
    mail (2.3.0)
      i18n (>= 0.4.0)
      mime-types (~> 1.16)
      treetop (~> 1.4.8)
    mime-types (1.16)
    multi_json (1.0.3)
    net-scp (1.0.4)
      net-ssh (>= 1.99.1)
    net-ssh (2.1.4)
    nifty-generators (0.4.6)
    nokogiri (1.4.6)
    orm_adapter (0.0.5)
    polyglot (0.3.1)
    rack (1.3.0)
    rack-cache (1.0.2)
      rack (>= 0.4)
    rack-mount (0.8.1)
      rack (>= 1.0.0)
    rack-ssl (1.3.2)
      rack
    rack-test (0.6.0)
      rack (>= 1.0)
    rails (3.1.0.rc4)
      actionmailer (= 3.1.0.rc4)
      actionpack (= 3.1.0.rc4)
      activerecord (= 3.1.0.rc4)
      activeresource (= 3.1.0.rc4)
      activesupport (= 3.1.0.rc4)
      bundler (~> 1.0)
      railties (= 3.1.0.rc4)
    railties (3.1.0.rc4)
      actionpack (= 3.1.0.rc4)
      activesupport (= 3.1.0.rc4)
      rack-ssl (~> 1.3.2)
      rake (>= 0.8.7)
      rdoc (~> 3.4)
      thor (~> 0.14.6)
    rake (0.9.2)
    rdoc (3.8)
    redis (2.2.1)
    redis-namespace (1.0.3)
      redis (< 3.0.0)
    resque (1.17.1)
      json (< 1.6, >= 1.4.6)
      redis-namespace (~> 1.0.2)
      sinatra (>= 0.9.2)
      vegas (~> 0.1.2)
    resque_spec (0.6.6)
      resque (>= 1.15.0)
      rspec (>= 2.5.0)
    rmagick (2.13.1)
    ruby-debug-base19 (0.11.25)
      columnize (>= 0.3.1)
      linecache19 (>= 0.5.11)
      ruby_core_source (>= 0.1.4)
    ruby-debug19 (0.11.6)
      columnize (>= 0.3.1)
      linecache19 (>= 0.5.11)
      ruby-debug-base19 (>= 0.11.19)
    ruby-hmac (0.4.0)
    ruby_core_source (0.1.5)
      archive-tar-minitar (>= 0.5.2)
    rubyzip (0.9.4)
    sass (3.1.3)
    selenium-webdriver (0.2.2)
      childprocess (>= 0.1.9)
      ffi (>= 1.0.7)
      json_pure
      rubyzip
    simple_form (1.4.2)
      actionpack (~> 3.0)
      activemodel (~> 3.0)
    sinatra (1.2.6)
      rack (~> 1.1)
      tilt (< 2.0, >= 1.2.2)
    sprockets (2.0.0.beta.10)
      hike (~> 1.0)
      rack (~> 1.0)
      tilt (!= 1.3.0, ~> 1.1)
    sqlite3 (1.3.3)
    thor (0.14.6)
    tilt (1.3.2)
    timecop (0.3.5)
    treetop (1.4.9)
      polyglot (>= 0.3.1)
    turn (0.8.2)
      ansi (>= 1.2.2)
    tzinfo (0.3.29)
    uglifier (1.0.0)
      execjs (>= 0.3.0)
      multi_json (>= 1.0.2)
    uuid (2.3.2)
      macaddr (~> 1.0)
    vegas (0.1.8)
      rack (>= 1.0.0)
    warden (1.0.4)
      rack (>= 1.0)
    xpath (0.1.4)
      nokogiri (~> 1.3)

PLATFORMS
  ruby

DEPENDENCIES
  capybara!
  carrierwave
  coffee-script
  database_cleaner
  devise (= 1.4.0)
  factory_girl_rails
  fog
  haml-rails
  jquery-rails
  launchy
  nifty-generators
  rails (= 3.1.0.rc4)
  resque
  resque_spec
  rmagick
  rspec!
  rspec-core!
  rspec-expectations!
  rspec-mocks!
  rspec-rails!
  ruby-debug19
  sass
  simple_form
  spork!
  sqlite3
  squeel!
  timecop
  turn
  uglifier
  uuid
